GEM
  remote: https://rubygems.org/
  specs:
    httmultiparty (0.3.16)
      httparty (>= 0.7.3)
      mimemagic
      multipart-post
    httparty (0.18.1)
      mime-types (~> 3.0)
      multi_xml (>= 0.5.2)
    mime-types (3.3.1)
      mime-types-data (~> 3.2015)
    mime-types-data (3.2021.0225)
    mimemagic (0.4.0)
    multi_xml (0.6.0)
    multipart-post (2.1.1)
    rake (13.0.3)
    sentry-api (0.3.4)
      httmultiparty (~> 0.3.16)
    statsd-ruby (1.5.0)

PLATFORMS
  ruby

DEPENDENCIES
  rake
  sentry-api
  statsd-ruby

BUNDLED WITH
   1.15.1
